GEM
  remote: https://rubygems.org/
  specs:
    mqtt (0.2.0)
    serialport (1.3.1)

PLATFORMS
  ruby

DEPENDENCIES
  mqtt
  serialport
