GEM
  remote: https://rubygems.org/
  specs:
    fitgem (0.10.0)
      oauth
    mqtt (0.2.0)
    oauth (0.4.7)
    serialport (1.3.1)

PLATFORMS
  ruby

DEPENDENCIES
  fitgem
  mqtt
  serialport
